GEM
  remote: https://rubygems.org/
  specs:
    haml (5.1.2)
      temple (>= 0.8.0)
      tilt
    rack (1.6.13)
    rack-protection (1.5.5)
      rack
    sinatra (1.3.3)
      rack (~> 1.3, >= 1.3.6)
      rack-protection (~> 1.2)
      tilt (~> 1.3, >= 1.3.3)
    temple (0.8.2)
    tilt (1.3.3)

PLATFORMS
  ruby

DEPENDENCIES
  haml (>= 5.0.0)
  sinatra

BUNDLED WITH
   2.1.4
